PATH
  remote: .
  specs:
    rb-rwlock (1.0.0)

GEM
  remote: https://rubygems.org/
  specs:
    rake (12.3.3)

PLATFORMS
  ruby

DEPENDENCIES
  rake (~> 12.0)
  rb-rwlock!

BUNDLED WITH
   2.1.4
